GEM
  remote: http://rubygems.org/
  specs:
    RedCloth (4.2.3)
    SystemTimer (1.2.1)
    ZenTest (4.4.2)
    aasm (2.2.0)
    actionmailer (2.3.9)
      actionpack (= 2.3.9)
    actionpack (2.3.9)
      activesupport (= 2.3.9)
      rack (~> 1.1.0)
    activerecord (2.3.9)
      activesupport (= 2.3.9)
    activeresource (2.3.9)
      activesupport (= 2.3.9)
    activesupport (2.3.9)
    acts-as-list (0.1.2)
    acts-as-taggable-on (2.0.6)
    authlogic (2.1.6)
      activesupport
    autotest-rails (4.1.0)
      ZenTest
    babosa (0.2.0)
    cancan (1.4.1)
    capistrano (2.5.19)
      highline
      net-scp (>= 1.0.0)
      net-sftp (>= 2.0.0)
      net-ssh (>= 2.0.14)
      net-ssh-gateway (>= 1.0.0)
    capistrano-ext (1.2.1)
      capistrano (>= 1.0.0)
    cgi_multipart_eof_fix (2.5.0)
    compass (0.10.6)
      haml (>= 3.0.4)
    daemons (1.1.0)
    database_cleaner (0.6.0)
    exceptional (2.0.32)
      rack
    factory_girl (1.3.2)
    fastthread (1.0.7)
    forgery (0.3.6)
    formtastic (1.2.2)
      actionpack (>= 2.3.7)
      activesupport (>= 2.3.7)
      i18n (>= 0.4.0)
    friendly_id (3.1.8)
      babosa (~> 0.2.0)
    gem_plugin (0.2.3)
    glebm-geokit (1.5.2)
    haml (3.0.25)
    highline (1.6.1)
    i18n (0.5.0)
    json (1.4.6)
    kgio (2.0.0)
    mongrel (1.1.5)
      cgi_multipart_eof_fix (>= 2.4)
      daemons (>= 1.0.3)
      fastthread (>= 1.0.1)
      gem_plugin (>= 0.2.3)
    nested_layouts (0.1.3)
      actionpack (>= 2.3)
    net-scp (1.0.4)
      net-ssh (>= 1.99.1)
    net-sftp (2.0.5)
      net-ssh (>= 2.0.9)
    net-ssh (2.0.23)
    net-ssh-gateway (1.0.1)
      net-ssh (>= 1.99.1)
    paperclip (2.3.8)
      activerecord
      activesupport
    pg (0.10.0)
    rack (1.1.0)
    rails (2.3.9)
      actionmailer (= 2.3.9)
      actionpack (= 2.3.9)
      activerecord (= 2.3.9)
      activeresource (= 2.3.9)
      activesupport (= 2.3.9)
      rake (>= 0.8.3)
    rake (0.8.7)
    redis (2.1.1)
    redis-namespace (0.8.0)
      redis (< 3.0.0)
    resque (1.10.0)
      json (~> 1.4.6)
      redis-namespace (~> 0.8.0)
      sinatra (>= 0.9.2)
      vegas (~> 0.1.2)
    rr (1.0.2)
    rspec (1.3.1)
    rspec-rails (1.3.3)
      rack (>= 1.0.0)
      rspec (= 1.3.1)
    sinatra (1.1.0)
      rack (~> 1.1)
      tilt (~> 1.1)
    subdomain-fu (0.5.4)
    tilt (1.1)
    tlsmail (0.0.1)
    unicorn (3.1.0)
      kgio (~> 2.0.0)
      rack
    vegas (0.1.8)
      rack (>= 1.0.0)

PLATFORMS
  ruby

DEPENDENCIES
  RedCloth
  SystemTimer
  ZenTest
  aasm
  acts-as-list
  acts-as-taggable-on
  authlogic
  autotest-rails
  cancan
  capistrano
  capistrano-ext
  compass
  database_cleaner
  exceptional
  factory_girl
  forgery
  formtastic
  friendly_id
  glebm-geokit
  haml
  mongrel
  nested_layouts
  paperclip
  pg
  rails (= 2.3.9)
  resque
  rr
  rspec (~> 1.3)
  rspec-rails (~> 1.3)
  subdomain-fu
  tlsmail
  unicorn
